{
    "Modality":"MR",
    "MagneticFieldStrength":3,
    "ImagingFrequency":123.253,
    "Manufacturer":"Siemens",
    "ManufacturersModelName":"Prisma_fit",
    "InstitutionName":"McGovern_Institute_for_Brain_Research_(3T1)",
    "InstitutionalDepartmentName":"Department",
    "InstitutionAddress":"Vassar_Street_43_Cambridge_Boston_US_02139",
    "DeviceSerialNumber":"167012",
    "StationName":"MRC35115",
    "BodyPartExamined":"BRAIN",
    "PatientPosition":"HFS",
    "ProcedureStepDescription":"Young_Minjae",
    "SoftwareVersions":"syngo_MR_E11",
    "MRAcquisitionType":"2D",
    "SeriesDescription":"TPS_run10",
    "ProtocolName":"TPS_run10",
    "ScanningSequence":"EP",
    "SequenceVariant":"SK",
    "ScanOptions":"FS",
    "SequenceName":"_epfid2d1_70",
    "ImageType":[
        "ORIGINAL",
        "PRIMARY",
        "M",
        "ND",
        "MOSAIC"
    ],
    "SeriesNumber":43,
    "AcquisitionTime":"15:33:20.207500",
    "AcquisitionNumber":1,
    "SliceThickness":3,
    "SpacingBetweenSlices":3.6,
    "SAR":0.0871847,
    "EchoTime":0.03,
    "RepetitionTime":2,
    "FlipAngle":90,
    "PartialFourier":1,
    "BaseResolution":70,
    "ShimSetting":[
        -5613,
        -1565,
        3101,
        362,
        17,
        46,
        12,
        -60
    ],
    "TxRefAmp":233.005,
    "PhaseResolution":1,
    "ReceiveCoilName":"Head_32",
    "ReceiveCoilActiveElements":"HEA;HEP",
    "PulseSequenceDetails":"%SiemensSeq%_ep2d_pace",
    "ConsistencyInfo":"N4_VE11C_LATEST_20160120",
    "PercentPhaseFOV":100,
    "EchoTrainLength":70,
    "PhaseEncodingSteps":70,
    "AcquisitionMatrixPE":70,
    "ReconMatrixPE":70,
    "BandwidthPerPixelPhaseEncode":29.155,
    "EffectiveEchoSpacing":0.000489992,
    "DerivedVendorReportedEchoSpacing":0.000489992,
    "TotalReadoutTime":0.0338094,
    "PixelBandwidth":2380,
    "DwellTime":3e-06,
    "PhaseEncodingDirection":"j-",
    "SliceTiming":[
        0,
        0.0625,
        0.1225,
        0.185,
        0.2475,
        0.31,
        0.37,
        0.4325,
        0.495,
        0.5575,
        0.6175,
        0.68,
        0.7425,
        0.805,
        0.865,
        0.9275,
        0.99,
        1.0525,
        1.1125,
        1.175,
        1.2375,
        1.3,
        1.36,
        1.4225,
        1.485,
        1.5475,
        1.6075,
        1.67,
        1.7325,
        1.795,
        1.855,
        1.9175
    ],
    "ImageOrientationPatientDICOM":[
        0.999498,
        0.0315736,
        -0.00253263,
        -0.0310612,
        0.992657,
        0.116906
    ],
    "InPlanePhaseEncodingDirectionDICOM":"COL",
    "ConversionSoftware":"dcm2niix",
    "ConversionSoftwareVersion":"v1.0.20181125  (JP2:OpenJPEG) (JP-LS:CharLS) GCC5.5.0",
    "TaskName":"tps"
}