{
    "Modality":"MR",
    "MagneticFieldStrength":3,
    "ImagingFrequency":123.253,
    "Manufacturer":"Siemens",
    "ManufacturersModelName":"Prisma_fit",
    "InstitutionName":"McGovern_Institute_for_Brain_Research_(3T1)",
    "InstitutionalDepartmentName":"Department",
    "InstitutionAddress":"Vassar_Street_43_Cambridge_Boston_US_02139",
    "DeviceSerialNumber":"167012",
    "StationName":"MRC35115",
    "BodyPartExamined":"BRAIN",
    "PatientPosition":"HFS",
    "ProcedureStepDescription":"Young_Minjae",
    "SoftwareVersions":"syngo_MR_E11",
    "MRAcquisitionType":"2D",
    "SeriesDescription":"TPS_04",
    "ProtocolName":"TPS_04",
    "ScanningSequence":"EP",
    "SequenceVariant":"SK",
    "ScanOptions":"FS",
    "SequenceName":"_epfid2d1_70",
    "ImageType":[
        "ORIGINAL",
        "PRIMARY",
        "M",
        "ND",
        "MOSAIC"
    ],
    "SeriesNumber":17,
    "AcquisitionTime":"09:41:43.075000",
    "AcquisitionNumber":1,
    "SliceThickness":3,
    "SpacingBetweenSlices":3.6,
    "SAR":0.109562,
    "EchoTime":0.03,
    "RepetitionTime":2,
    "FlipAngle":90,
    "PartialFourier":1,
    "BaseResolution":70,
    "ShimSetting":[
        -5593,
        -1545,
        3180,
        443,
        72,
        -30,
        39,
        0
    ],
    "TxRefAmp":240.242,
    "PhaseResolution":1,
    "ReceiveCoilName":"Head_32",
    "ReceiveCoilActiveElements":"HEA;HEP",
    "PulseSequenceDetails":"%SiemensSeq%_ep2d_pace",
    "ConsistencyInfo":"N4_VE11C_LATEST_20160120",
    "PercentPhaseFOV":100,
    "EchoTrainLength":70,
    "PhaseEncodingSteps":70,
    "AcquisitionMatrixPE":70,
    "ReconMatrixPE":70,
    "BandwidthPerPixelPhaseEncode":29.155,
    "EffectiveEchoSpacing":0.000489992,
    "DerivedVendorReportedEchoSpacing":0.000489992,
    "TotalReadoutTime":0.0338094,
    "PixelBandwidth":2380,
    "DwellTime":3e-06,
    "PhaseEncodingDirection":"j-",
    "SliceTiming":[
        0,
        0.06,
        0.1225,
        0.185,
        0.2475,
        0.3075,
        0.37,
        0.4325,
        0.495,
        0.555,
        0.6175,
        0.68,
        0.7425,
        0.8025,
        0.865,
        0.9275,
        0.99,
        1.05,
        1.1125,
        1.175,
        1.2375,
        1.2975,
        1.36,
        1.4225,
        1.485,
        1.545,
        1.6075,
        1.67,
        1.7325,
        1.7925,
        1.855,
        1.9175
    ],
    "ImageOrientationPatientDICOM":[
        0.999461,
        0.0213558,
        0.024941,
        -0.0228555,
        0.997847,
        0.0614791
    ],
    "InPlanePhaseEncodingDirectionDICOM":"COL",
    "ConversionSoftware":"dcm2niix",
    "ConversionSoftwareVersion":"v1.0.20181125  (JP2:OpenJPEG) (JP-LS:CharLS) GCC5.5.0",
    "TaskName":"tps"
}